GEM
  remote: https://rubygems.org/
  specs:
    asciidoctor (1.5.6.1)
    multi_json (1.12.2)
    pygments.rb (1.2.1)
      multi_json (>= 1.0.0)

PLATFORMS
  ruby

DEPENDENCIES
  asciidoctor
  pygments.rb

BUNDLED WITH
   1.13.7
